GEM
  remote: https://rubygems.org/
  specs:
    awesome_print (1.2.0)
    mini_portile (0.5.3)
    nokogiri (1.6.1)
      mini_portile (~> 0.5.0)

PLATFORMS
  ruby

DEPENDENCIES
  awesome_print (~> 1.2)
  nokogiri (~> 1.6)
